GEM
  remote: https://rubygems.org/
  specs:
    digital_ocean (1.3.0)
      faraday (~> 0.8.7)
      faraday_middleware (~> 0.9.0)
      json
      rash
    faraday (0.8.9)
      multipart-post (~> 1.2.0)
    faraday_middleware (0.9.0)
      faraday (>= 0.7.4, < 0.9)
    hashie (2.0.5)
    json (1.8.1)
    multipart-post (1.2.0)
    rash (0.4.0)
      hashie (~> 2.0.0)

PLATFORMS
  ruby

DEPENDENCIES
  digital_ocean
